GEM
  remote: http://rubygems.org/
  specs:
    akami (1.1.0)
      gyoku (>= 0.4.0)
      nokogiri (>= 1.5.2)
    builder (3.0.0)
    diff-lcs (1.1.3)
    git (1.2.5)
    google-ads-common (0.7.2)
      httpclient (~> 2.2.3)
      httpi (~> 0.9.7)
      oauth (~> 0.4.5)
      savon (~> 0.9.10)
    google-adwords-api (0.6.1)
      google-ads-common (~> 0.7.1)
      savon (~> 0.9.9)
    gyoku (0.4.5)
      builder (>= 2.1.2)
    httpclient (2.2.5)
    httpi (0.9.7)
      rack
    jeweler (1.8.3)
      bundler (~> 1.0)
      git (>= 1.2.5)
      rake
      rdoc
    json (1.7.3)
    metaclass (0.0.1)
    mocha (0.11.4)
      metaclass (~> 0.0.1)
    multi_json (1.3.6)
    nokogiri (1.5.4)
    nori (1.1.0)
    oauth (0.4.6)
    rack (1.4.1)
    rake (0.9.2.2)
    rdoc (3.12)
      json (~> 1.4)
    rspec (2.8.0)
      rspec-core (~> 2.8.0)
      rspec-expectations (~> 2.8.0)
      rspec-mocks (~> 2.8.0)
    rspec-core (2.8.0)
    rspec-expectations (2.8.0)
      diff-lcs (~> 1.1.2)
    rspec-mocks (2.8.0)
    savon (0.9.11)
      akami (~> 1.1)
      builder (>= 2.1.2)
      gyoku (>= 0.4.0)
      httpi (~> 0.9)
      nokogiri (>= 1.4.0)
      nori (~> 1.1)
      wasabi (~> 2.2)
    simplecov (0.6.4)
      multi_json (~> 1.0)
      simplecov-html (~> 0.5.3)
    simplecov-html (0.5.3)
    wasabi (2.3.0)
      nokogiri (>= 1.4.0)

PLATFORMS
  ruby

DEPENDENCIES
  bundler (~> 1.1.0)
  google-adwords-api (~> 0.6.1)
  jeweler (~> 1.8.3)
  mocha (~> 0.11.4)
  rdoc (~> 3.12)
  rspec (~> 2.8.0)
  simplecov (~> 0.6.4)
